GEM
  remote: https://rubygems.org/
  specs:
    state_machines (0.6.0)

PLATFORMS
  x86_64-linux

DEPENDENCIES
  state_machines

BUNDLED WITH
   2.5.7
